{
    "Modality": "MR",
    "MagneticFieldStrength": 3,
    "ImagingFrequency": 123.247,
    "Manufacturer": "Siemens",
    "ManufacturersModelName": "Prisma_fit",
    "InstitutionName": "PSU-SLEIC",
    "InstitutionalDepartmentName": "Department",
    "InstitutionAddress": "University Park Chandlee Laboratory,State College,PA,US,16802",
    "DeviceSerialNumber": "67039",
    "StationName": "AWP67039",
    "BodyPartExamined": "BRAIN",
    "PatientPosition": "HFS",
    "ProcedureStepDescription": "Investigators 20 ch^fgh3",
    "SoftwareVersions": "syngo MR E11",
    "MRAcquisitionType": "2D",
    "SeriesDescription": "rest_1_mb",
    "ProtocolName": "rest_1_mb",
    "ScanningSequence": "EP",
    "SequenceVariant": "SK\\SS",
    "ScanOptions": "FS\\EXT",
    "SequenceName": "epfid2d1_80",
    "ImageType": [
        "ORIGINAL",
        "PRIMARY",
        "M",
        "ND",
        "NORM",
        "MOSAIC"
    ],
    "NonlinearGradientCorrection": false,
    "SeriesNumber": 3,
    "AcquisitionTime": "12:59:46.500000",
    "AcquisitionNumber": 1,
    "SliceThickness": 4,
    "SpacingBetweenSlices": 4,
    "SAR": 0.128596,
    "EchoTime": 0.03,
    "RepetitionTime": 2,
    "FlipAngle": 90,
    "PartialFourier": 1,
    "BaseResolution": 80,
    "ShimSetting": [
        -1950,
        8277,
        9503,
        305,
        -67,
        -201,
        -13,
        14
    ],
    "TxRefAmp": 278.894,
    "PhaseResolution": 1,
    "ReceiveCoilName": "HeadNeck_20",
    "ReceiveCoilActiveElements": "HE1-4",
    "PulseSequenceDetails": "%CustomerSeq%\\cmrr_mbep2d_bold",
    "WipMemBlock": "284a678c-6a9e-4201-a84b-f4d52de0b4bf||Sequence: R016 ve11c/master r/e634e98; Dec 19 2017 11:00:25 by eja",
    "RefLinesPE": 24,
    "CoilCombinationMethod": "Sum of Squares",
    "ConsistencyInfo": "N4_VE11C_LATEST_20160120",
    "MatrixCoilMode": "GRAPPA",
    "PercentPhaseFOV": 100,
    "PercentSampling": 100,
    "EchoTrainLength": 39,
    "PhaseEncodingSteps": 79,
    "AcquisitionMatrixPE": 80,
    "ReconMatrixPE": 80,
    "BandwidthPerPixelPhaseEncode": 47.17,
    "ParallelReductionFactorInPlane": 2,
    "EffectiveEchoSpacing": 0.000264999,
    "DerivedVendorReportedEchoSpacing": 0.000529998,
    "TotalReadoutTime": 0.0209349,
    "PixelBandwidth": 2230,
    "DwellTime": 2.8e-06,
    "PhaseEncodingDirection": "j-",
    "SliceTiming": [
        0,
        1.0175,
        0.0575,
        1.075,
        0.1125,
        1.1325,
        0.17,
        1.1875,
        0.2275,
        1.245,
        0.2825,
        1.3025,
        0.34,
        1.3575,
        0.3975,
        1.415,
        0.4525,
        1.47,
        0.51,
        1.5275,
        0.565,
        1.585,
        0.6225,
        1.64,
        0.68,
        1.6975,
        0.735,
        1.755,
        0.7925,
        1.81,
        0.85,
        1.8675,
        0.905,
        1.9225,
        0.9625
    ],
    "ImageOrientationPatientDICOM": [
        0.998981,
        -0.00464298,
        -0.0448832,
        -2.40524e-08,
        0.994692,
        -0.102897
    ],
    "ImageOrientationText": "Tra>Cor(-5.9)>Sag(-2.6)",
    "InPlanePhaseEncodingDirectionDICOM": "COL",
    "ConversionSoftware": "dcm2niix",
    "ConversionSoftwareVersion": "v1.0.20220720",
    "Dcm2bidsVersion": "2.1.7"
}