{
    "Modality": "MR",
    "MagneticFieldStrength": 3,
    "ImagingFrequency": 123.247,
    "Manufacturer": "Siemens",
    "ManufacturersModelName": "Prisma_fit",
    "InstitutionName": "PSU-SLEIC",
    "InstitutionalDepartmentName": "Department",
    "InstitutionAddress": "University Park Chandlee Laboratory,State College,PA,US,16802",
    "DeviceSerialNumber": "67039",
    "StationName": "AWP67039",
    "BodyPartExamined": "BRAIN",
    "PatientPosition": "HFS",
    "ProcedureStepDescription": "Investigators 20 ch^fgh3",
    "SoftwareVersions": "syngo MR E11",
    "MRAcquisitionType": "2D",
    "SeriesDescription": "T2_FLAIR_AX",
    "ProtocolName": "T2_FLAIR_AX",
    "ScanningSequence": "SE\\IR",
    "SequenceVariant": "SK\\SP\\MP",
    "ScanOptions": "IR\\FS",
    "SequenceName": "*tir2d1_23",
    "ImageType": [
        "ORIGINAL",
        "PRIMARY",
        "M",
        "ND",
        "NORM"
    ],
    "NonlinearGradientCorrection": false,
    "SeriesNumber": 13,
    "AcquisitionTime": "13:46:1.725000",
    "AcquisitionNumber": 1,
    "SliceThickness": 4,
    "SpacingBetweenSlices": 4.8,
    "SAR": 0.461401,
    "EchoTime": 0.124,
    "RepetitionTime": 9,
    "SpoilingState": true,
    "InversionTime": 2.5,
    "FlipAngle": 150,
    "PartialFourier": 1,
    "Interpolation2D": 1,
    "BaseResolution": 256,
    "ShimSetting": [
        -1949,
        8276,
        9501,
        295,
        -69,
        -225,
        -16,
        5
    ],
    "TxRefAmp": 278.894,
    "PhaseResolution": 1,
    "ReceiveCoilName": "HeadNeck_20",
    "ReceiveCoilActiveElements": "HE1-4",
    "PulseSequenceDetails": "%SiemensSeq%\\tse",
    "RefLinesPE": 59,
    "CoilCombinationMethod": "Adaptive Combine",
    "ConsistencyInfo": "N4_VE11C_LATEST_20160120",
    "MatrixCoilMode": "GRAPPA",
    "PercentPhaseFOV": 84.375,
    "PercentSampling": 100,
    "EchoTrainLength": 23,
    "PhaseEncodingSteps": 215,
    "AcquisitionMatrixPE": 216,
    "ReconMatrixPE": 432,
    "ParallelReductionFactorInPlane": 2,
    "PixelBandwidth": 285,
    "DwellTime": 6.8e-06,
    "PhaseEncodingDirection": "i",
    "SliceTiming": [
        0,
        63,
        0.23438,
        63.2344,
        0.45312,
        63.4531,
        0.67188,
        63.6719,
        0.89062,
        63.8906,
        1.125,
        64.125,
        1.34375,
        64.3438,
        1.5625,
        64.5625,
        1.78125,
        64.7812,
        2.01562,
        65.0156,
        2.23438,
        65.2344,
        2.45312,
        65.4531,
        2.67188,
        65.6719,
        2.90625,
        65.9062,
        3.125,
        66.125,
        3.34375,
        66.3438
    ],
    "ImageOrientationPatientDICOM": [
        0.998981,
        -0.004643,
        -0.0448832,
        -1.21782e-10,
        0.994692,
        -0.102897
    ],
    "ImageOrientationText": "Tra>Cor(-5.9)>Sag(-2.6)",
    "InPlanePhaseEncodingDirectionDICOM": "ROW",
    "ConversionSoftware": "dcm2niix",
    "ConversionSoftwareVersion": "v1.0.20220720",
    "Dcm2bidsVersion": "2.1.7"
}